GIT
  remote: https://github.com/rubyrpg/ruby_rpg.git
  revision: 26e1e849991308e640f13d1ee9f2a53fdf484323
  branch: create_gem
  specs:
    ruby_rpg (0.0.1)
      chunky_png (~> 1.4)
      concurrent-ruby
      matrix (~> 0.3)
      opengl-bindings2 (~> 2.0)
      os

GEM
  remote: https://rubygems.org/
  specs:
    chunky_png (1.4.0)
    concurrent-ruby (1.3.4)
    matrix (0.4.2)
    opengl-bindings2 (2.0.2)
    os (1.1.4)

PLATFORMS
  arm64-darwin-23
  ruby

DEPENDENCIES
  ruby_rpg!

BUNDLED WITH
   2.5.9
