GEM
  remote: https://rubygems.org/
  specs:
    chunky_png (1.4.0)
    concurrent-ruby (1.3.4)
    matrix (0.4.2)
    observer (0.1.2)
    opengl-bindings2 (2.0.2)
    os (1.1.4)
    pkg-config (1.5.7)
    rmagick (6.0.1)
      observer (~> 0.1)
      pkg-config (~> 1.4)
    ruby_rpg (0.0.2)
      chunky_png (~> 1.4)
      concurrent-ruby
      matrix (~> 0.3)
      opengl-bindings2 (~> 2.0)
      os
      rmagick (~> 6.0, >= 6.0.1)

PLATFORMS
  arm64-darwin-23
  ruby

DEPENDENCIES
  ruby_rpg (= 0.0.2)

BUNDLED WITH
   2.5.9
